PATH
  remote: .
  specs:
    bitarray (0.0.5)

GEM
  remote: http://rubygems.org/
  specs:
    rake (13.0.1)
    test-unit (2.4.5)
    yard (0.7.4)

PLATFORMS
  ruby

DEPENDENCIES
  bitarray!
  rake
  test-unit
  yard
